NUGET
  remote: http://www.nuget.org/api/v2
  specs:
    FAKE (4.12.2)
    FSharp.Compiler.Service (1.4.2.3)
    FSharp.Core (4.0.0.1)
    FSharp.Data (2.2.5)
      Zlib.Portable (>= 1.10.0) - framework: portable-net40+sl50+wp80+win80
    FSharp.Formatting (2.13.0)
      FSharp.Compiler.Service (>= 1.4.2 < 1.5.0)
      FSharpVSPowerTools.Core (>= 2.2.0 < 2.3.0)
    FSharpVSPowerTools.Core (2.2.0)
      FSharp.Compiler.Service (>= 1.4.2.0)
    Microsoft.AspNet.Razor (3.2.3) - framework: >= net45
    Newtonsoft.Json (8.0.2)
    NuGet.CommandLine (3.3.0)
    NUnit (2.6.4)
    NUnit.Runners (2.6.4)
    RazorEngine (3.7.6)
      Microsoft.AspNet.Razor (>= 3.0.0) - framework: >= net45
      Microsoft.AspNet.Razor (2.0.30506) - framework: net40
    Shaver (1.2.0)
      FSharp.Core (>= 4.0.0.1)
      FSharp.Data (>= 2.2.5)
      RazorEngine (>= 3.7.6)
      Suave (>= 1.0.0)
    Suave (1.0.0)
      FSharp.Core (>= 3.1.2.5)
    Zlib.Portable (1.11.0) - framework: portable-net40+sl50+wp80+win80
